GEM
  remote: https://rubygems.org/
  specs:
    ZenTest (4.11.1)
    autotest (4.4.6)
      ZenTest (>= 4.4.1)
    byebug (9.1.0)
    riot (0.12.7)
      rr
    rr (1.2.1)

PLATFORMS
  ruby

DEPENDENCIES
  autotest
  byebug
  riot

RUBY VERSION
   ruby 2.3.3p222

BUNDLED WITH
   1.16.1
